FRAMEWORK: >= NET40
NUGET
  remote: https://www.nuget.org/api/v2
    FAKE (4.41.6)
    FSharp.Compiler.Service (8.0)
      System.Collections.Immutable (>= 1.2)
      System.Reflection.Metadata (>= 1.4.1-beta-24227-04)
    FSharp.Compiler.Tools (4.0.1.10)
    FSharp.Core (4.0.0.1)
    FSharp.Data (2.3.2)
    Mono.Data.Sqlite.Portable (1.0.3.5)
    Newtonsoft.Json (9.0.1)
    SQLProvider (1.0.35)
    Suave (1.1.3)
      FSharp.Core (>= 3.1.2.5)
    System.Collections.Immutable (1.2)
    System.Reflection.Metadata (1.4.1-beta-24430-01)
      System.Collections.Immutable (>= 1.2) - framework: >= net45
